GEM
  remote: https://rubygems.org/
  specs:
    addressable (2.8.6)
      public_suffix (>= 2.0.2, < 6.0)
    ansi (1.5.0)
    ast (2.4.2)
    backticks (1.0.5)
    base64 (0.2.0)
    beaker (4.35.0)
      beaker-hostgenerator
      ed25519 (~> 1.0)
      hocon (~> 1.0)
      in-parallel (~> 0.1)
      inifile (~> 3.0)
      minitar (~> 0.6)
      minitest (~> 5.4)
      net-scp (>= 1.2, < 4.0)
      net-ssh (>= 5.0)
      open_uri_redirections (~> 0.2.1)
      pry-byebug (~> 3.9)
      rb-readline (~> 0.5.3)
      rexml
      rsync (~> 1.0.9)
      stringify-hash (~> 0.0)
      thor (>= 1.0.1, < 2.0)
    beaker-abs (0.5.0)
    beaker-answers (0.29.0)
      hocon (~> 1.0)
      require_all (>= 1.3.2, < 3.1.0)
      stringify-hash (~> 0.0.0)
    beaker-hostgenerator (2.9.0)
      deep_merge (~> 1.0)
    beaker-pe (2.16.0)
      beaker (>= 4.0, < 6)
      beaker-abs
      beaker-answers (~> 0.0)
      beaker-puppet (>= 1, < 3)
      beaker-vmpooler (~> 1.0)
      stringify-hash (~> 0.0.0)
    beaker-puppet (2.0.0)
      beaker (~> 4.1)
      oga (~> 3.4)
    beaker-puppet_install_helper (0.9.8)
      beaker (~> 4.0)
      beaker-pe (~> 2.0)
    beaker-rspec (8.1.0)
      beaker (>= 4.0, < 6)
      rspec (~> 3.0)
      serverspec (~> 2)
      specinfra (~> 2)
    beaker-vagrant (0.5.0)
      stringify-hash (~> 0.0.0)
    beaker-vmpooler (1.4.0)
      stringify-hash (~> 0.0.0)
    blockenspiel (0.5.0)
    byebug (11.1.3)
    coderay (1.1.3)
    colored (1.2)
    colored2 (3.1.2)
    concurrent-ruby (1.2.2)
    cri (2.15.11)
    deep_merge (1.2.2)
    diff-lcs (1.5.0)
    ed25519 (1.3.0)
    erubi (1.12.0)
    facter (4.5.1)
      hocon (~> 1.3)
      thor (>= 1.0.1, < 2.0)
    faraday (2.8.1)
      base64
      faraday-net_http (>= 2.0, < 3.1)
      ruby2_keywords (>= 0.0.4)
    faraday-follow_redirects (0.3.0)
      faraday (>= 1, < 3)
    faraday-net_http (3.0.2)
    fast_gettext (2.3.0)
    forwardable (1.3.3)
    gettext (3.4.9)
      erubi
      locale (>= 2.0.5)
      prime
      racc
      text (>= 1.3.0)
    gettext-setup (1.1.0)
      fast_gettext (~> 2.1)
      gettext (~> 3.4)
      locale
    git (1.19.0)
      addressable (~> 2.8)
      rchardet (~> 1.8)
    hocon (1.4.0)
    in-parallel (0.1.17)
    inifile (3.0.0)
    jwt (2.7.1)
    little-plugger (1.1.4)
    locale (2.1.3)
    log4r (1.1.10)
    logging (2.3.1)
      little-plugger (~> 1.1)
      multi_json (~> 1.14)
    method_source (1.0.0)
    minitar (0.9)
    minitest (5.20.0)
    mocha (1.16.1)
    multi_json (1.15.0)
    mutex_m (0.2.0)
    net-scp (1.2.1)
      net-ssh (>= 2.6.5)
    net-ssh (7.2.1)
    net-telnet (0.2.0)
    oga (3.4)
      ast
      ruby-ll (~> 2.1)
    onceover (3.21.0)
      backticks (>= 1.0.2)
      colored (~> 1.2)
      cri (>= 2.6)
      deep_merge (>= 1.0.0)
      git
      logging (>= 2.0.0)
      multi_json (~> 1.10)
      parallel_tests (>= 2.0.0)
      puppet (>= 4.0)
      puppetlabs_spec_helper (>= 0.4.0)
      r10k (>= 2.1.0)
      rake (>= 10.0.0)
      rspec (>= 3.0.0)
      rspec-puppet (>= 2.4.0)
      rspec_junit_formatter (>= 0.2.0)
      terminal-table (>= 1.8.0)
      versionomy (>= 0.5.0)
    open_uri_redirections (0.2.1)
    parallel (1.24.0)
    parallel_tests (4.4.0)
      parallel
    pathspec (1.1.3)
    prime (0.1.2)
      forwardable
      singleton
    pry (0.14.2)
      coderay (~> 1.1)
      method_source (~> 1.0)
    pry-byebug (3.10.1)
      byebug (~> 11.0)
      pry (>= 0.13, < 0.15)
    public_suffix (5.0.4)
    puppet (8.3.1)
      concurrent-ruby (~> 1.0)
      deep_merge (~> 1.0)
      facter (>= 4.3.0, < 5)
      fast_gettext (>= 2.1, < 3)
      locale (~> 2.1)
      multi_json (~> 1.13)
      puppet-resource_api (~> 1.5)
      scanf (~> 1.0)
      semantic_puppet (~> 1.0)
    puppet-lint (4.2.3)
    puppet-resource_api (1.9.0)
      hocon (>= 1.0)
    puppet-syntax (3.3.0)
      puppet (>= 5)
      rake
    puppet_forge (5.0.3)
      faraday (~> 2.0)
      faraday-follow_redirects (~> 0.3.0)
      minitar
      semantic_puppet (~> 1.0)
    puppetlabs_spec_helper (7.0.2)
      mocha (~> 1.0)
      pathspec (>= 0.2, < 2.0.0)
      puppet-lint (~> 4.0)
      puppet-syntax (~> 3.0)
      rspec-github (~> 2.0)
      rspec-puppet (~> 4.0)
    r10k (4.0.1)
      colored2 (= 3.1.2)
      cri (>= 2.15.10)
      gettext-setup (>= 0.24, < 2.0)
      jwt (>= 2.2.3, < 2.8.0)
      log4r (= 1.1.10)
      minitar (~> 0.9)
      multi_json (~> 1.10)
      puppet_forge (>= 4.1, < 6)
    racc (1.7.3)
    rake (13.1.0)
    rb-readline (0.5.5)
    rchardet (1.8.0)
    require_all (3.0.0)
    rexml (3.2.6)
    rspec (3.12.0)
      rspec-core (~> 3.12.0)
      rspec-expectations (~> 3.12.0)
      rspec-mocks (~> 3.12.0)
    rspec-core (3.12.2)
      rspec-support (~> 3.12.0)
    rspec-expectations (3.12.3)
      diff-lcs (>= 1.2.0, < 2.0)
      rspec-support (~> 3.12.0)
    rspec-github (2.4.0)
      rspec-core (~> 3.0)
    rspec-its (1.3.0)
      rspec-core (>= 3.0.0)
      rspec-expectations (>= 3.0.0)
    rspec-mocks (3.12.6)
      diff-lcs (>= 1.2.0, < 2.0)
      rspec-support (~> 3.12.0)
    rspec-puppet (4.0.2)
      rspec (~> 3.0)
    rspec-support (3.12.1)
    rspec_junit_formatter (0.6.0)
      rspec-core (>= 2, < 4, != 2.12.0)
    rsync (1.0.9)
    ruby-ll (2.1.3)
      ansi
      ast
    ruby2_keywords (0.0.5)
    scanf (1.0.0)
    semantic_puppet (1.1.0)
    serverspec (2.42.3)
      multi_json
      rspec (~> 3.0)
      rspec-its
      specinfra (~> 2.72)
    sfl (2.3)
    singleton (0.2.0)
    specinfra (2.87.2)
      net-scp
      net-ssh (>= 2.7)
      net-telnet
      sfl
    stringify-hash (0.0.2)
    terminal-table (3.0.2)
      unicode-display_width (>= 1.1.1, < 3)
    text (1.3.1)
    thor (1.3.0)
    unicode-display_width (2.5.0)
    versionomy (0.5.0)
      blockenspiel (~> 0.5)

PLATFORMS
  x86_64-linux

DEPENDENCIES
  beaker (= 4.35.0)
  beaker-puppet
  beaker-puppet_install_helper
  beaker-rspec
  beaker-vagrant (= 0.5.0)
  mutex_m
  onceover
  rake

BUNDLED WITH
   2.5.3
